PATH
  remote: .
  specs:
    smalltext (0.1.0)
      croupier
      numo-narray (~> 0.9.1.3)
      porter2stemmer
      rambling-trie
      tokenizer

GEM
  remote: https://rubygems.org/
  specs:
    croupier (1.6.0)
    diff-lcs (1.3)
    numo-narray (0.9.1.3)
    porter2stemmer (1.0.1)
    rake (10.4.2)
    rambling-trie (2.0.0)
    rspec (3.8.0)
      rspec-core (~> 3.8.0)
      rspec-expectations (~> 3.8.0)
      rspec-mocks (~> 3.8.0)
    rspec-core (3.8.0)
      rspec-support (~> 3.8.0)
    rspec-expectations (3.8.2)
      diff-lcs (>= 1.2.0, < 2.0)
      rspec-support (~> 3.8.0)
    rspec-mocks (3.8.0)
      diff-lcs (>= 1.2.0, < 2.0)
      rspec-support (~> 3.8.0)
    rspec-support (3.8.0)
    tokenizer (0.3.0)

PLATFORMS
  x86-mingw32

DEPENDENCIES
  bundler (~> 1.17)
  rake (~> 10.0)
  rspec (~> 3.0)
  smalltext!

BUNDLED WITH
   1.17.1
